GEM
  remote: http://rubygems.org/
  specs:
    dotenv (0.9.0)
    faraday (0.8.8)
      multipart-post (~> 1.2.0)
    foreman (0.63.0)
      dotenv (>= 0.7)
      thor (>= 0.13.6)
    multi_json (1.8.2)
    multipart-post (1.2.0)
    simple_oauth (0.2.0)
    thor (0.18.1)
    twitter (4.8.1)
      faraday (~> 0.8, < 0.10)
      multi_json (~> 1.0)
      simple_oauth (~> 0.2)

PLATFORMS
  ruby

DEPENDENCIES
  foreman
  twitter (~> 4.0)
